##TITLE= Parameter file, TOPSPIN		Version 2.1
##JCAMPDX= 5.0
##DATATYPE= Parameter Values
##NPOINTS= 1	$$ modification sequence number
##ORIGIN= Bruker BioSpin GmbH
##OWNER= mfjofre
$$ 2010-12-29 10:17:39.241 -0600  mfjofre@kerry
$$ /opt/topspin216/data/mfjofre/nmr/cq_00098 -100mm-d2o-12-23-10/1/pdata/992/proc
$$ process /opt/topspin216/prog/au/bin/hwcal
##$ABSF1= 10
##$ABSF2= 0
##$ABSG= 5
##$ABSL= 3
##$ALPHA= 0
##$AQORDER= 0
##$ASSFAC= 0
##$ASSFACI= 0
##$ASSFACX= 0
##$ASSWID= 0
##$AUNMP= <proc_1d>
##$AXLEFT= 0
##$AXNAME= <>
##$AXNUC= <off>
##$AXRIGHT= 0
##$AXTYPE= 0
##$AXUNIT= <>
##$AZFE= 0.1
##$AZFW= 0.1
##$BCFW= 1
##$BC_mod= 2
##$BYTORDP= 0
##$COROFFS= 0
##$CY= 15
##$DATMOD= 1
##$DC= 2
##$DFILT= <>
##$DTYPP= 0
##$F1P= 0.408444552529693
##$F2P= -0.237161353081757
##$FCOR= 0.5
##$FTSIZE= 0
##$FT_mod= 4
##$GAMMA= 1
##$GB= 0
##$INTBC= 1
##$INTSCL= 1
##$ISEN= 128
##$LB= 0.3
##$LEV0= 0
##$LPBIN= 0
##$MAXI= 10000
##$MC2= 0
##$MEAN= 0
##$ME_mod= 0
##$MI= 0
##$NCOEF= 0
##$NC_proc= 0
##$NLEV= 6
##$NOISF1= 8.174992
##$NOISF2= 6.675002
##$NSP= 1
##$NTH_PI= 0
##$NZP= 0
##$OFFSET= 11.32915
##$PC= 1
##$PHC0= 294.8195
##$PHC1= -129.2354
##$PH_mod= 0
##$PKNL= yes
##$PPARMOD= 0
##$PPDIAG= 0
##$PPIPTYP= 0
##$PPMPNUM= 2147483647
##$PPRESOL= 1
##$PSCAL= 4
##$PSIGN= 0
##$PYNMP= <proc.py>
##$REVERSE= no
##$SF= 499.839933240447
##$SI= 32768
##$SIGF1= 5.6
##$SIGF2= 5.2
##$SINO= 400
##$SIOLD= 32768
##$SPECTYP= <>
##$SREGLST= <1H.D2O>
##$SSB= 2
##$STSI= 0
##$STSR= 0
##$SW_p= 6493.50649350651
##$SYMM= 0
##$S_DEV= 0
##$TDeff= 16384
##$TDoff= 0
##$TI= <ZGCPPR-mmcd-clem D2O /opt/topspin216 mfjofre {3  H7 - 391}

>
##$TILT= no
##$TM1= 0
##$TM2= 0
##$TOPLEV= 0
##$USERP1= <user>
##$USERP2= <user>
##$USERP3= <user>
##$USERP4= <user>
##$USERP5= <user>
##$WDW= 1
##$XDIM= 8192
##$YMAX_p= 0
##$YMIN_p= 0
##END=
